GEM
  remote: https://rubygems.org/
  specs:
    motion-facon (0.5.0.1)
    rake (10.1.0)
    webstub (1.0.1)

PLATFORMS
  ruby

DEPENDENCIES
  motion-facon
  rake
  webstub
