GEM
  remote: https://rubygems.org/
  specs:
    bubble-wrap (1.4.0)
    motion-stump (0.3.0)
    rake (10.1.0)
    webstub (1.0.1)

PLATFORMS
  ruby

DEPENDENCIES
  bubble-wrap (~> 1.4.0)
  motion-stump
  rake
  webstub
