GEM
  remote: https://rubygems.org/
  specs:
    bubble-wrap (1.5.0)
    motion-facon (0.5.0.1)
    motion-require (0.2.0)
    motion-support (0.2.6)
      motion-require (>= 0.0.6)
    motion_model (0.5.0)
      bubble-wrap (>= 1.3.0)
      motion-support (>= 0.1.0)
    rake (10.1.0)
    webstub (1.0.1)

PLATFORMS
  ruby

DEPENDENCIES
  motion-facon
  motion_model
  rake
  webstub
